PATH
  remote: .
  specs:
    boa (0.1.0)
      ice_nine (~> 0.11.2)
      sorbet-runtime (~> 0.5.11066)

GEM
  remote: https://oss:sxCL1o1navkPi2XnGB5WYBrhpY9iKIPL@gem.mutant.dev/
  specs:
    mutant-license (0.1.1.2.3905393914349990422122854110750930714156.4)

GEM
  remote: https://rubygems.org/
  specs:
    ast (2.4.2)
    bundler-audit (0.9.1)
      bundler (>= 1.2.0, < 3)
      thor (~> 1.0)
    diff-lcs (1.5.0)
    docile (1.4.0)
    erubi (1.12.0)
    ice_nine (0.11.2)
    json (2.6.3)
    language_server-protocol (3.17.0.3)
    minitest (5.20.0)
    mutant (0.11.24)
      diff-lcs (~> 1.3)
      parser (~> 3.2.2, >= 3.2.2.4)
      regexp_parser (~> 2.8.2)
      sorbet-runtime (~> 0.5.0)
      unparser (~> 0.6.9)
    mutant-minitest (0.11.24)
      minitest (~> 5.11)
      mutant (= 0.11.24)
    netrc (0.11.0)
    parallel (1.23.0)
    parser (3.2.2.4)
      ast (~> 2.4.1)
      racc
    prettier_print (1.2.1)
    prism (0.15.1)
    racc (1.7.1)
    rainbow (3.1.1)
    rake (13.1.0)
    rbi (0.1.2)
      prism (>= 0.15.1)
      sorbet-runtime (>= 0.5.9204)
    regexp_parser (2.8.2)
    rexml (3.2.6)
    rubocop (1.57.2)
      json (~> 2.3)
      language_server-protocol (>= 3.17.0)
      parallel (~> 1.10)
      parser (>= 3.2.2.4)
      rainbow (>= 2.2.2, < 4.0)
      regexp_parser (>= 1.8, < 3.0)
      rexml (>= 3.2.5, < 4.0)
      rubocop-ast (>= 1.28.1, < 2.0)
      ruby-progressbar (~> 1.7)
      unicode-display_width (>= 2.4.0, < 3.0)
    rubocop-ast (1.30.0)
      parser (>= 3.2.1.0)
    rubocop-minitest (0.33.0)
      rubocop (>= 1.39, < 2.0)
    rubocop-performance (1.19.1)
      rubocop (>= 1.7.0, < 2.0)
      rubocop-ast (>= 0.4.0)
    rubocop-rake (0.6.0)
      rubocop (~> 1.0)
    rubocop-sorbet (0.7.4)
      rubocop (>= 0.90.0)
    rubocop-yard (0.7.0)
      rubocop
      yard
    ruby-progressbar (1.13.0)
    simplecov (0.22.0)
      docile (~> 1.1)
      simplecov-html (~> 0.11)
      simplecov_json_formatter (~> 0.1)
    simplecov-html (0.12.3)
    simplecov_json_formatter (0.1.4)
    sorbet (0.5.11105)
      sorbet-static (= 0.5.11105)
    sorbet-runtime (0.5.11105)
    sorbet-static (0.5.11105-universal-darwin)
    sorbet-static (0.5.11105-x86_64-linux)
    sorbet-static-and-runtime (0.5.11105)
      sorbet (= 0.5.11105)
      sorbet-runtime (= 0.5.11105)
    spoom (1.2.4)
      erubi (>= 1.10.0)
      sorbet-static-and-runtime (>= 0.5.10187)
      syntax_tree (>= 6.1.1)
      thor (>= 0.19.2)
    syntax_tree (6.2.0)
      prettier_print (>= 1.2.0)
    tapioca (0.11.9)
      bundler (>= 2.2.25)
      netrc (>= 0.11.0)
      parallel (>= 1.21.0)
      rbi (~> 0.1.0, >= 0.1.0)
      sorbet-static-and-runtime (>= 0.5.10187)
      spoom (~> 1.2.0, >= 1.2.0)
      thor (>= 1.2.0)
      yard-sorbet
    thor (1.3.0)
    unicode-display_width (2.5.0)
    unparser (0.6.9)
      diff-lcs (~> 1.3)
      parser (>= 3.2.2.4)
    yard (0.9.34)
    yard-doctest (0.1.17)
      minitest
      yard
    yard-sorbet (0.8.1)
      sorbet-runtime (>= 0.5)
      yard (>= 0.9)
    yardstick (0.9.9)
      yard (~> 0.8, >= 0.8.7.2)

PLATFORMS
  arm64-darwin-22
  x86_64-linux

DEPENDENCIES
  boa!
  bundler-audit (~> 0.9.1)
  minitest (~> 5.20.0)
  mutant (~> 0.11.24)
  mutant-license (~> 0.1.1)!
  mutant-minitest (~> 0.11.24)
  rake (~> 13.1.0)
  rubocop (~> 1.57.2)
  rubocop-minitest (~> 0.33.0)
  rubocop-performance (~> 1.19.1)
  rubocop-rake (~> 0.6.0)
  rubocop-sorbet (~> 0.7.4)
  rubocop-yard (~> 0.7.0)
  simplecov (~> 0.22.0)
  sorbet (~> 0.5.11105)
  tapioca (~> 0.11.9)
  unparser (~> 0.6.9)
  yard-doctest (~> 0.1.17)
  yard-sorbet (~> 0.8.1)
  yardstick (~> 0.9.9)

RUBY VERSION
   ruby 3.2.2p53

BUNDLED WITH
   2.4.21
